PATH
  remote: .
  specs:
    sprinkles-opts (0.1.0)
      sorbet-runtime

GEM
  remote: https://rubygems.org/
  specs:
    ast (2.4.2)
    minitest (5.14.4)
    parallel (1.20.1)
    parser (3.0.1.1)
      ast (~> 2.4.1)
    rainbow (3.0.0)
    rake (10.5.0)
    regexp_parser (2.1.1)
    rexml (3.2.5)
    rubocop (1.17.0)
      parallel (~> 1.10)
      parser (>= 3.0.0.0)
      rainbow (>= 2.2.2, < 4.0)
      regexp_parser (>= 1.8, < 3.0)
      rexml
      rubocop-ast (>= 1.7.0, < 2.0)
      ruby-progressbar (~> 1.7)
      unicode-display_width (>= 1.4.0, < 3.0)
    rubocop-ast (1.7.0)
      parser (>= 3.0.1.1)
    ruby-progressbar (1.11.0)
    sorbet (0.5.6346)
      sorbet-static (= 0.5.6346)
    sorbet-runtime (0.5.6433)
    sorbet-static (0.5.6346-universal-darwin-14)
    unicode-display_width (2.0.0)

PLATFORMS
  ruby

DEPENDENCIES
  bundler (~> 1.17)
  minitest (~> 5.0)
  rake (~> 10.0)
  rubocop
  sorbet
  sprinkles-opts!

BUNDLED WITH
   1.17.2
